GEM
  remote: https://rubygems.org/
  specs:
    coderay (1.1.1)
    colorize (0.8.1)
    feep (0.2.0)
      os (~> 0.9, >= 0.9.6)
      wavefile (= 0.6.0)
    method_source (0.8.2)
    os (0.9.6)
    pry (0.10.4)
      coderay (~> 1.1.0)
      method_source (~> 0.8.1)
      slop (~> 3.4)
    slop (3.6.0)
    wavefile (0.6.0)

PLATFORMS
  ruby

DEPENDENCIES
  colorize
  feep
  pry

BUNDLED WITH
   1.15.0
